GEM
  remote: https://rubygems.org/
  specs:
    RubyInline (3.12.4)
      ZenTest (~> 4.3)
    ZenTest (4.11.1)
    cocoapods-keys (2.0.0)
      dotenv
      osx_keychain
    dotenv (2.2.0)
    osx_keychain (1.0.1)
      RubyInline (~> 3)

PLATFORMS
  ruby

DEPENDENCIES
  cocoapods-keys

BUNDLED WITH
   1.14.6
